GEM
  remote: https://rubygems.org/
  specs:
    colored (1.2)
    extlib (0.9.16)
    humanize (1.1.2)
    json (1.8.3)
    mini_portile2 (2.0.0)
    net-http-persistent (2.9.4)
    nokogiri (1.6.7.2)
      mini_portile2 (~> 2.0.0.rc2)
    sequel (4.34.0)

PLATFORMS
  ruby

DEPENDENCIES
  colored
  extlib
  humanize
  json
  net-http-persistent
  nokogiri
  sequel

BUNDLED WITH
   1.12.4
